PATH
  remote: /Users/jayawijono/Documents/code/personal/rulers
  specs:
    rulers (0.1.0)
      rack

GEM
  remote: https://rubygems.org/
  specs:
    rack (1.6.4)

PLATFORMS
  ruby

DEPENDENCIES
  rulers!

BUNDLED WITH
   1.10.5
